GIT
  remote: git://github.com/felipec/soap4r.git
  revision: 622ab8990f2b51849575a4678e48e0014c037094
  specs:
    soap4r (1.5.8)
      httpclient (>= 2.1.1)

GEM
  remote: https://rubygems.org/
  specs:
    Ascii85 (1.0.1)
    actionmailer (3.2.3.rc2)
      actionpack (= 3.2.3.rc2)
      mail (~> 2.4.4)
    actionpack (3.2.3.rc2)
      activemodel (= 3.2.3.rc2)
      activesupport (= 3.2.3.rc2)
      builder (~> 3.0.0)
      erubis (~> 2.7.0)
      journey (~> 1.0.1)
      rack (~> 1.4.0)
      rack-cache (~> 1.2)
      rack-test (~> 0.6.1)
      sprockets (~> 2.1.2)
    activemodel (3.2.3.rc2)
      activesupport (= 3.2.3.rc2)
      builder (~> 3.0.0)
    activerecord (3.2.3.rc2)
      activemodel (= 3.2.3.rc2)
      activesupport (= 3.2.3.rc2)
      arel (~> 3.0.2)
      tzinfo (~> 0.3.29)
    activeresource (3.2.3.rc2)
      activemodel (= 3.2.3.rc2)
      activesupport (= 3.2.3.rc2)
    activesupport (3.2.3.rc2)
      i18n (~> 0.6)
      multi_json (~> 1.0)
    arel (3.0.2)
    authlogic (3.1.2)
      activerecord (>= 3.0.0)
      activerecord (>= 3.0.7)
      activesupport (>= 3.0.0)
      activesupport (>= 3.0.7)
    builder (3.0.0)
    cocaine (0.2.1)
    coffee-rails (3.2.2)
      coffee-script (>= 2.2.0)
      railties (~> 3.2.0)
    coffee-script (2.2.0)
      coffee-script-source
      execjs
    coffee-script-source (1.3.1)
    erubis (2.7.0)
    execjs (1.3.2)
      multi_json (~> 1.0)
    fastercsv (1.5.4)
    hike (1.2.1)
    hpricot (0.8.6)
    httpclient (2.2.5)
    i18n (0.6.0)
    journey (1.0.3)
    jquery-rails (2.0.2)
      railties (>= 3.2.0, < 5.0)
      thor (~> 0.14)
    json (1.7.1)
    mail (2.4.4)
      i18n (>= 0.4.0)
      mime-types (~> 1.16)
      treetop (~> 1.4.8)
    mime-types (1.18)
    multi_json (1.3.4)
    mysql (2.8.1)
    paperclip (2.7.0)
      activerecord (>= 2.3.0)
      activesupport (>= 2.3.2)
      cocaine (>= 0.0.2)
      mime-types
    pdf-reader (1.1.1)
      Ascii85 (~> 1.0.0)
      ruby-rc4
    polyglot (0.3.3)
    prawn (0.12.0)
      pdf-reader (>= 0.9.0)
      ttfunk (~> 1.0.2)
    rack (1.4.1)
    rack-cache (1.2)
      rack (>= 0.4)
    rack-ssl (1.3.2)
      rack
    rack-test (0.6.1)
      rack (>= 1.0)
    rails (3.2.3.rc2)
      actionmailer (= 3.2.3.rc2)
      actionpack (= 3.2.3.rc2)
      activerecord (= 3.2.3.rc2)
      activeresource (= 3.2.3.rc2)
      activesupport (= 3.2.3.rc2)
      bundler (~> 1.0)
      railties (= 3.2.3.rc2)
    railties (3.2.3.rc2)
      actionpack (= 3.2.3.rc2)
      activesupport (= 3.2.3.rc2)
      rack-ssl (~> 1.3.2)
      rake (>= 0.8.7)
      rdoc (~> 3.4)
      thor (~> 0.14.6)
    rake (0.9.2.2)
    rdoc (3.12)
      json (~> 1.4)
    ruby-rc4 (0.1.5)
    safe_attributes (1.0.8)
      activerecord (>= 3.0.0)
      activesupport (>= 3.0.0)
    sass (3.1.17)
    sass-rails (3.2.5)
      railties (~> 3.2.0)
      sass (>= 3.1.10)
      tilt (~> 1.3)
    spreadsheet-excel (0.3.5.1)
    sprockets (2.1.3)
      hike (~> 1.2)
      rack (~> 1.0)
      tilt (~> 1.1, != 1.3.0)
    thor (0.14.6)
    tilt (1.3.3)
    treetop (1.4.10)
      polyglot
      polyglot (>= 0.3.1)
    ttfunk (1.0.3)
    tzinfo (0.3.33)
    uglifier (1.2.4)
      execjs (>= 0.3.0)
      multi_json (>= 1.0.2)
    will_paginate (3.0.3)

PLATFORMS
  ruby

DEPENDENCIES
  authlogic
  coffee-rails (~> 3.2.1)
  fastercsv
  hpricot
  jquery-rails
  mysql
  paperclip (~> 2.3)
  prawn
  rails (= 3.2.3.rc2)
  safe_attributes
  sass-rails (~> 3.2.3)
  soap4r!
  spreadsheet-excel
  uglifier (>= 1.0.3)
  will_paginate
